PATH
  remote: ../GDO
  specs:
    gdo (1.0.0)
      bcrypt (~> 3.1)
      mail (~> 2.7)
      mysql2 (~> 0.5)
      rack (~> 2.0)

PATH
  remote: .
  specs:
    GDO-Register (1.0)
      gdo (~> 1.0)

GEM
  remote: https://rubygems.org/
  specs:
    bcrypt (3.1.12)
    bcrypt (3.1.12-x64-mingw32)
    byebug (10.0.2)
    diff-lcs (1.3)
    mail (2.7.0)
      mini_mime (>= 0.1.1)
    mini_mime (1.0.0)
    mysql2 (0.5.2)
    mysql2 (0.5.2-x64-mingw32)
    rack (2.0.5)
    rake (10.5.0)
    rspec (3.7.0)
      rspec-core (~> 3.7.0)
      rspec-expectations (~> 3.7.0)
      rspec-mocks (~> 3.7.0)
    rspec-core (3.7.1)
      rspec-support (~> 3.7.0)
    rspec-expectations (3.7.0)
      diff-lcs (>= 1.2.0, < 2.0)
      rspec-support (~> 3.7.0)
    rspec-mocks (3.7.0)
      diff-lcs (>= 1.2.0, < 2.0)
      rspec-support (~> 3.7.0)
    rspec-support (3.7.1)

PLATFORMS
  ruby
  x64-mingw32

DEPENDENCIES
  GDO-Register!
  bundler (~> 1.16)
  byebug (~> 10.0)
  gdo!
  rake (~> 10.0)
  rspec (~> 3.0)

BUNDLED WITH
   1.16.2
